STORAGE: NONE
RESTRICTION: == netstandard2.0
NUGET
  remote: https://api.nuget.org/v3/index.json
    FSharp.Compiler.Service (38.0)
      FSharp.Core (5.0)
    FSharp.Core (5.0)

GROUP Build
RESTRICTION: == net472
NUGET
  remote: https://api.nuget.org/v3/index.json
    FAKE (4.64.18)
    Octokit (0.48)
GITHUB
  remote: fsharp/FAKE
    modules/Octokit/Octokit.fsx (a210a980b1d1e9db5ed4b77232f3faecacab6f16)
      Octokit (>= 0.20)
GROUP Test
STORAGE: NONE
RESTRICTION: || (== net472) (== net5.0)
NUGET
  remote: https://api.nuget.org/v3/index.json
    BenchmarkDotNet (0.12.1)
      BenchmarkDotNet.Annotations (>= 0.12.1)
      CommandLineParser (>= 2.4.3)
      Iced (>= 1.4)
      Microsoft.CodeAnalysis.CSharp (>= 2.10)
      Microsoft.Diagnostics.NETCore.Client (>= 0.2.61701)
      Microsoft.Diagnostics.Runtime (>= 1.1.57604)
      Microsoft.Diagnostics.Tracing.TraceEvent (>= 2.0.49)
      Microsoft.DotNet.PlatformAbstractions (>= 2.1)
      Microsoft.Win32.Registry (>= 4.5)
      Perfolizer (>= 0.2.1)
      System.Management (>= 4.5)
      System.Reflection.Emit (>= 4.3)
      System.Reflection.Emit.Lightweight (>= 4.3)
      System.Threading.Tasks.Extensions (>= 4.5.2)
      System.ValueTuple (>= 4.5)
    BenchmarkDotNet.Annotations (0.12.1)
    CommandLineParser (2.4.3)
    FSharp.Core (5.0)
    FSharp.Quotations.Evaluator (2.1)
      FSharp.Core (>= 4.3.1)
    Iced (1.9)
    Microsoft.Bcl.AsyncInterfaces (5.0)
      System.Threading.Tasks.Extensions (>= 4.5.4) - restriction: || (== net472) (&& (== net5.0) (>= net461)) (&& (== net5.0) (< netcoreapp2.1) (< netstandard2.1))
    Microsoft.CodeAnalysis.Analyzers (3.3.1)
    Microsoft.CodeAnalysis.Common (3.8)
      Microsoft.CodeAnalysis.Analyzers (>= 3.0)
      System.Collections.Immutable (>= 5.0)
      System.Memory (>= 4.5.4)
      System.Reflection.Metadata (>= 5.0)
      System.Runtime.CompilerServices.Unsafe (>= 4.7.1)
      System.Text.Encoding.CodePages (>= 4.5.1)
      System.Threading.Tasks.Extensions (>= 4.5.4)
    Microsoft.CodeAnalysis.CSharp (3.8)
      Microsoft.CodeAnalysis.Common (3.8)
    Microsoft.CodeCoverage (16.8)
    Microsoft.Diagnostics.NETCore.Client (0.2.152202)
      Microsoft.Bcl.AsyncInterfaces (>= 1.1)
    Microsoft.Diagnostics.Runtime (2.0.151903)
      Microsoft.Diagnostics.NETCore.Client (>= 0.2.61701)
      System.Buffers (>= 4.5.1)
      System.Collections.Immutable (>= 1.7.1)
      System.Memory (>= 4.5.4)
      System.Reflection.Metadata (>= 1.8.1)
      System.Runtime.CompilerServices.Unsafe (>= 4.7.1)
    Microsoft.Diagnostics.Tracing.TraceEvent (2.0.62)
      System.Runtime.CompilerServices.Unsafe (>= 4.5.2)
    Microsoft.DotNet.PlatformAbstractions (3.1.6)
      System.Runtime.InteropServices.RuntimeInformation (>= 4.0) - restriction: || (== net472) (&& (== net5.0) (>= net45)) (&& (== net5.0) (< netstandard2.0))
    Microsoft.NET.Test.Sdk (16.8)
      Microsoft.CodeCoverage (>= 16.8)
      Microsoft.TestPlatform.TestHost (>= 16.8) - restriction: || (&& (== net472) (>= netcoreapp2.1)) (== net5.0)
    Microsoft.NETCore.Platforms (5.0) - restriction: || (&& (== net472) (>= netcoreapp2.0)) (== net5.0)
    Microsoft.TestPlatform.ObjectModel (16.8) - restriction: || (&& (== net472) (>= netcoreapp2.1)) (== net5.0)
      NuGet.Frameworks (>= 5.0)
    Microsoft.TestPlatform.TestHost (16.8) - restriction: || (&& (== net472) (>= netcoreapp2.1)) (== net5.0)
      Microsoft.TestPlatform.ObjectModel (>= 16.8) - restriction: || (&& (== net472) (>= netcoreapp2.1)) (&& (== net472) (>= uap10.0)) (== net5.0)
      Newtonsoft.Json (>= 9.0.1) - restriction: || (&& (== net472) (>= netcoreapp2.1)) (&& (== net472) (>= uap10.0)) (== net5.0)
    Microsoft.Win32.Registry (5.0)
      System.Security.AccessControl (>= 5.0)
      System.Security.Principal.Windows (>= 5.0)
    NETStandard.Library (2.0.3) - restriction: || (&& (== net472) (< net452)) (== net5.0)
      Microsoft.NETCore.Platforms (>= 1.1)
    Newtonsoft.Json (12.0.3) - restriction: || (&& (== net472) (>= netcoreapp2.1)) (== net5.0)
    NuGet.Frameworks (5.8) - restriction: || (&& (== net472) (>= netcoreapp2.1)) (== net5.0)
    Perfolizer (0.2.1)
      System.Memory (>= 4.5.3)
    System.Buffers (4.5.1)
    System.CodeDom (5.0) - restriction: || (&& (== net472) (< net45)) (&& (== net472) (>= netcoreapp2.0)) (== net5.0)
    System.Collections.Immutable (5.0)
      System.Memory (>= 4.5.4) - restriction: || (== net472) (&& (== net5.0) (>= net461)) (&& (== net5.0) (< netcoreapp2.1)) (&& (== net5.0) (< netstandard2.0)) (&& (== net5.0) (>= uap10.1))
    System.Management (5.0)
      Microsoft.NETCore.Platforms (>= 5.0) - restriction: || (&& (== net472) (>= netcoreapp2.0)) (== net5.0)
      Microsoft.Win32.Registry (>= 5.0) - restriction: || (&& (== net472) (>= netcoreapp2.0)) (== net5.0)
      System.CodeDom (>= 5.0) - restriction: || (&& (== net472) (< net45)) (&& (== net472) (>= netcoreapp2.0)) (== net5.0)
    System.Memory (4.5.4)
      System.Buffers (>= 4.5.1) - restriction: || (== net472) (&& (== net5.0) (>= monoandroid)) (&& (== net5.0) (>= monotouch)) (&& (== net5.0) (>= net461)) (&& (== net5.0) (< netcoreapp2.0)) (&& (== net5.0) (< netstandard1.1)) (&& (== net5.0) (< netstandard2.0)) (&& (== net5.0) (>= xamarinios)) (&& (== net5.0) (>= xamarinmac)) (&& (== net5.0) (>= xamarintvos)) (&& (== net5.0) (>= xamarinwatchos))
      System.Numerics.Vectors (>= 4.5) - restriction: || (== net472) (&& (== net5.0) (>= net461))
      System.Runtime.CompilerServices.Unsafe (>= 4.5.3) - restriction: || (== net472) (&& (== net5.0) (>= monoandroid)) (&& (== net5.0) (>= monotouch)) (&& (== net5.0) (>= net461)) (&& (== net5.0) (< netcoreapp2.0)) (&& (== net5.0) (< netcoreapp2.1)) (&& (== net5.0) (< netstandard1.1)) (&& (== net5.0) (< netstandard2.0)) (&& (== net5.0) (>= uap10.1)) (&& (== net5.0) (>= xamarinios)) (&& (== net5.0) (>= xamarinmac)) (&& (== net5.0) (>= xamarintvos)) (&& (== net5.0) (>= xamarinwatchos))
    System.Numerics.Vectors (4.5) - restriction: || (== net472) (&& (== net5.0) (>= net461))
    System.Reflection.Emit (4.7)
    System.Reflection.Emit.Lightweight (4.7)
    System.Reflection.Metadata (5.0)
      System.Collections.Immutable (>= 5.0) - restriction: || (== net472) (&& (== net5.0) (>= net461)) (&& (== net5.0) (< netstandard1.1)) (&& (== net5.0) (< netstandard2.0))
    System.Runtime.CompilerServices.Unsafe (5.0)
    System.Runtime.InteropServices.RuntimeInformation (4.3) - restriction: || (== net472) (&& (== net5.0) (>= net45)) (&& (== net5.0) (< netstandard2.0))
    System.Security.AccessControl (5.0)
      Microsoft.NETCore.Platforms (>= 5.0) - restriction: || (&& (== net472) (>= netcoreapp2.0)) (== net5.0)
      System.Security.Principal.Windows (>= 5.0)
    System.Security.Principal.Windows (5.0)
    System.Text.Encoding.CodePages (5.0)
      Microsoft.NETCore.Platforms (>= 5.0) - restriction: || (&& (== net472) (>= netcoreapp2.0)) (== net5.0)
      System.Runtime.CompilerServices.Unsafe (>= 5.0) - restriction: || (== net472) (&& (== net5.0) (>= net461)) (&& (== net5.0) (< netcoreapp2.0))
    System.Threading.Tasks.Extensions (4.5.4)
      System.Runtime.CompilerServices.Unsafe (>= 4.5.3) - restriction: || (== net472) (&& (== net5.0) (>= net461)) (&& (== net5.0) (< netcoreapp2.1)) (&& (== net5.0) (< netstandard1.0)) (&& (== net5.0) (< netstandard2.0)) (&& (== net5.0) (>= wp8))
    System.ValueTuple (4.5)
    Unquote (4.0)
      FSharp.Core (>= 4.2.3)
    xunit (2.4.1)
      xunit.analyzers (>= 0.10)
      xunit.assert (2.4.1)
      xunit.core (2.4.1)
    xunit.abstractions (2.0.3)
    xunit.analyzers (0.10)
    xunit.assert (2.4.1)
      NETStandard.Library (>= 1.6.1) - restriction: || (&& (== net472) (< net452)) (== net5.0)
    xunit.core (2.4.1)
      xunit.extensibility.core (2.4.1)
      xunit.extensibility.execution (2.4.1)
    xunit.extensibility.core (2.4.1)
      NETStandard.Library (>= 1.6.1) - restriction: || (&& (== net472) (< net452)) (== net5.0)
      xunit.abstractions (>= 2.0.3)
    xunit.extensibility.execution (2.4.1)
      NETStandard.Library (>= 1.6.1) - restriction: || (&& (== net472) (< net452)) (== net5.0)
      xunit.extensibility.core (2.4.1)
    xunit.runner.console (2.4.1)
    xunit.runner.visualstudio (2.4.3) - version_in_path: true
